GEM
  remote: http://rubygems.org/
  specs:
    addressable (2.2.6)
    faraday (0.5.7)
      addressable (~> 2.2.4)
      multipart-post (~> 1.1.0)
      rack (< 2, >= 1.1.0)
    faraday_middleware (0.3.2)
      faraday (~> 0.5.4)
    hashie (1.1.0)
    instagram (0.8)
      faraday (~> 0.5.4)
      faraday_middleware (~> 0.3.1)
      hashie (>= 0.4.0)
      multi_json (~> 0.0.5)
    instastache (0.0.1)
      instagram
    multi_json (0.0.5)
    multipart-post (1.1.3)
    rack (1.3.2)

PLATFORMS
  ruby

DEPENDENCIES
  instastache
